NUGET
  remote: https://www.nuget.org/api/v2
    FAKE (4.39.1)
    MassTransit (3.3.5)
      NewId (>= 2.1.3)
      Newtonsoft.Json (>= 7.0.1)
    NewId (2.1.3)
    Newtonsoft.Json (7.0.1)
    ServiceStack.Common (4.5)
      ServiceStack.Interfaces (>= 4.5)
      ServiceStack.Text (>= 4.5)
    ServiceStack.Interfaces (4.5)
    ServiceStack.Redis (4.5)
      ServiceStack.Common (>= 4.5)
    ServiceStack.Text (4.5)
